GIT
  remote: git://github.com/mooremo/mongoid-locker.git
  revision: 50158725657c21d7f7acb4fb22e7f98a5c39b88d
  specs:
    mongoid-locker (0.2.1)
      mongoid (>= 2.4, < 3.2)

GIT
  remote: git@github.groupondev.com:groupon-api/service-discovery.git
  revision: 62f2f9723ab938e3e038fc8eeb35ea5ad6e2be8d
  specs:
    service-discovery (0.1.8)
      actionpack (>= 2.3.2)
      multi_json

GEM
  remote: http://rubygems.org/
  specs:
    actionpack (3.2.12)
      activemodel (= 3.2.12)
      activesupport (= 3.2.12)
      builder (~> 3.0.0)
      erubis (~> 2.7.0)
      journey (~> 1.0.4)
      rack (~> 1.4.5)
      rack-cache (~> 1.2)
      rack-test (~> 0.6.1)
      sprockets (~> 2.2.1)
    activemodel (3.2.12)
      activesupport (= 3.2.12)
      builder (~> 3.0.0)
    activesupport (3.2.12)
      i18n (~> 0.6)
      multi_json (~> 1.0)
    addressable (2.2.8)
    awesome_print (1.1.0)
    backports (2.6.7)
    blankslate (2.1.2.4)
    bouncy-castle-java (1.5.0147)
    builder (3.0.4)
    capistrano (2.14.2)
      highline
      net-scp (>= 1.0.0)
      net-sftp (>= 2.0.0)
      net-ssh (>= 2.0.14)
      net-ssh-gateway (>= 1.1.0)
    capistrano-campfire (0.2.0)
      capistrano
      tinder
    capistrano-ext (1.2.1)
      capistrano (>= 1.0.0)
    chronic (0.9.1)
    coderay (1.0.9)
    crack (0.3.2)
    delayed_job (3.0.5)
      activesupport (~> 3.0)
    delayed_job_mongoid (2.0.0)
      delayed_job (~> 3.0)
      mongoid (~> 3.0)
    descendants_tracker (0.0.1)
    diff-lcs (1.2.1)
    edn (1.0.0)
      parslet (~> 1.4.0)
    erubis (2.7.0)
    eventmachine (1.0.3)
    eventmachine (1.0.3-java)
    factory_girl (4.2.0)
      activesupport (>= 3.0.0)
    faraday (0.5.7)
      addressable (~> 2.2.4)
      multipart-post (~> 1.1.0)
      rack (>= 1.1.0, < 2)
    ffi (1.6.0-java)
    grape (0.3.2)
      activesupport
      builder
      hashie (>= 1.2.0)
      multi_json (>= 1.3.2)
      multi_xml (>= 0.5.2)
      rack
      rack-accept
      rack-mount
      virtus
    hashie (2.0.2)
    highline (1.6.16)
    hike (1.2.1)
    http_parser.rb (0.5.3)
    http_parser.rb (0.5.3-java)
    httparty (0.10.2)
      multi_json (~> 1.0)
      multi_xml (>= 0.5.2)
    i18n (0.6.4)
    journey (1.0.4)
    jruby-openssl (0.8.8)
      bouncy-castle-java (>= 1.5.0147)
    json (1.7.7)
    json (1.7.7-java)
    log4r (1.1.10)
    mail (2.5.3)
      i18n (>= 0.4.0)
      mime-types (~> 1.16)
      treetop (~> 1.4.8)
    method_source (0.8.1)
    mime-types (1.21)
    mongoid (3.1.4)
      activemodel (~> 3.2)
      moped (~> 1.4)
      origin (~> 1.0)
      tzinfo (~> 0.3.22)
    mongoid-indifferent-access (1.0.0)
      mongoid
    mongoid_auto_increment (0.1.0)
      mongoid
      mongoid_auto_increment
    mono_logger (1.1.0)
    moped (1.5.0)
    multi_json (1.7.7)
    multi_xml (0.5.3)
    multipart-post (1.1.5)
    net-scp (1.1.0)
      net-ssh (>= 2.6.5)
    net-sftp (2.1.1)
      net-ssh (>= 2.6.5)
    net-ssh (2.6.6)
    net-ssh-gateway (1.2.0)
      net-ssh (>= 2.6.5)
    newrelic_rpm (3.6.1.87)
    origin (1.1.0)
    parslet (1.4.0)
      blankslate (~> 2.0)
    polyglot (0.3.3)
    pry (0.9.12)
      coderay (~> 1.0.5)
      method_source (~> 0.8)
      slop (~> 3.4)
    pry (0.9.12-java)
      coderay (~> 1.0.5)
      method_source (~> 0.8)
      slop (~> 3.4)
      spoon (~> 0.0)
    rack (1.4.5)
    rack-accept (0.4.5)
      rack (>= 0.4)
    rack-cache (1.2)
      rack (>= 0.4)
    rack-mount (0.8.3)
      rack (>= 1.0.0)
    rack-protection (1.5.0)
    rack-test (0.6.2)
      rack (>= 1.0)
    rake (10.0.3)
    rdoc (3.12.2)
      json (~> 1.4)
    redis (3.0.4)
    redis-namespace (1.3.1)
      redis (~> 3.0.0)
    resque (1.24.1)
      mono_logger (~> 1.0)
      multi_json (~> 1.0)
      redis-namespace (~> 1.2)
      sinatra (>= 0.9.2)
      vegas (~> 0.1.2)
    rspec (2.13.0)
      rspec-core (~> 2.13.0)
      rspec-expectations (~> 2.13.0)
      rspec-mocks (~> 2.13.0)
    rspec-core (2.13.1)
    rspec-expectations (2.13.0)
      diff-lcs (>= 1.1.3, < 2.0)
    rspec-mocks (2.13.0)
    rufus-scheduler (2.0.18)
      tzinfo (>= 0.3.23)
    simple_oauth (0.1.9)
    simplecov (0.7.1)
      multi_json (~> 1.0)
      simplecov-html (~> 0.7.1)
    simplecov-html (0.7.1)
    sinatra (1.4.3)
      rack (~> 1.4)
      rack-protection (~> 1.4)
      tilt (~> 1.3, >= 1.3.4)
    slop (3.4.4)
    spoon (0.0.3)
      ffi
    sprockets (2.2.2)
      hike (~> 1.2)
      multi_json (~> 1.0)
      rack (~> 1.0)
      tilt (~> 1.1, != 1.3.0)
    squash_ruby (1.1.1)
      json
    thor (0.18.1)
    tilt (1.3.6)
    timecop (0.6.1)
    tinder (1.4.4)
      activesupport
      eventmachine
      faraday (~> 0.5.1)
      mime-types
      multipart-post
      twitter-stream
    torquebox (3.0.0.beta2)
      thor (>= 0.14.6)
      torquebox-cache (= 3.0.0.beta2)
      torquebox-configure (= 3.0.0.beta2)
      torquebox-core (= 3.0.0.beta2)
      torquebox-messaging (= 3.0.0.beta2)
      torquebox-naming (= 3.0.0.beta2)
      torquebox-rake-support (= 3.0.0.beta2)
      torquebox-security (= 3.0.0.beta2)
      torquebox-stomp (= 3.0.0.beta2)
      torquebox-transactions (= 3.0.0.beta2)
      torquebox-web (= 3.0.0.beta2)
    torquebox-cache (3.0.0.beta2-java)
      torquebox-core (= 3.0.0.beta2)
      torquebox-transactions (= 3.0.0.beta2)
    torquebox-configure (3.0.0.beta2-java)
      blankslate (= 2.1.2.4)
    torquebox-console (0.3.0)
    torquebox-core (3.0.0.beta2-java)
      edn (= 1.0.0)
    torquebox-messaging (3.0.0.beta2-java)
      torquebox-core (= 3.0.0.beta2)
      torquebox-transactions (= 3.0.0.beta2)
    torquebox-naming (3.0.0.beta2-java)
      torquebox-core (= 3.0.0.beta2)
    torquebox-rake-support (3.0.0.beta2)
      rake (>= 0.8.7)
    torquebox-security (3.0.0.beta2-java)
      torquebox-core (= 3.0.0.beta2)
    torquebox-stomp (3.0.0.beta2)
      torquebox-core (= 3.0.0.beta2)
      torquebox-messaging (= 3.0.0.beta2)
    torquebox-transactions (3.0.0.beta2)
      torquebox-core (= 3.0.0.beta2)
    torquebox-web (3.0.0.beta2-java)
    torquespec (0.6.0)
      json
      rspec
    treetop (1.4.12)
      polyglot
      polyglot (>= 0.3.1)
    twitter-stream (0.1.16)
      eventmachine (>= 0.12.8)
      http_parser.rb (~> 0.5.1)
      simple_oauth (~> 0.1.4)
    tzinfo (0.3.37)
    uuidtools (2.1.3)
    vegas (0.1.11)
      rack (>= 1.0.0)
    virtus (0.5.4)
      backports (~> 2.6.1)
      descendants_tracker (~> 0.0.1)
    webmock (1.11.0)
      addressable (>= 2.2.7)
      crack (>= 0.3.2)
    whenever (0.8.2)
      activesupport (>= 2.3.4)
      chronic (>= 0.6.3)

PLATFORMS
  java
  ruby

DEPENDENCIES
  awesome_print
  capistrano
  capistrano-campfire
  capistrano-ext
  delayed_job_mongoid
  factory_girl
  grape
  httparty
  jruby-openssl
  log4r
  mail
  mongoid
  mongoid-indifferent-access
  mongoid-locker!
  mongoid_auto_increment
  newrelic_rpm
  pry
  rack-test
  rake
  rdoc (~> 3.4)
  resque
  rspec
  rufus-scheduler
  service-discovery!
  simplecov
  squash_ruby
  timecop
  torquebox
  torquebox-console
  torquebox-messaging
  torquespec
  uuidtools
  webmock
  whenever
