GIT
  remote: git://github.com/mooremo/mongoid-locker.git
  revision: 50158725657c21d7f7acb4fb22e7f98a5c39b88d
  specs:
    mongoid-locker (0.2.1)
      mongoid (>= 2.4, < 3.2)

GIT
  remote: git@github.groupondev.com:finance-engineering/accounting_torquespec.git
  revision: 0535e40a3a7115a4bc575aa86698e97b445388bd
  specs:
    accounting_torquespec (0.0.1)
      rspec
      torquespec

GIT
  remote: git@github.groupondev.com:finance-engineering/application_transaction.git
  revision: b9dc97ef98bdb1b9d06fd736a3fc727b10a6ffba
  specs:
    application_transaction (0.0.1)
      activesupport (~> 3.2)
      awesome_print

GIT
  remote: git@github.groupondev.com:finance-engineering/external_service.git
  revision: 6063d8f074d7f578bd459f150eaac4fc8703106b
  specs:
    external_service (0.0.1)
      rack

GIT
  remote: git@github.groupondev.com:groupon-api/service-discovery.git
  revision: 90abd291b4813d609943b4b3759938059d460cdc
  specs:
    service-discovery (0.3.0)
      multi_json

GIT
  remote: http://github.com/mongoid/mongoid.git
  revision: 28ee2d96707f607b12235bddf13f9fbeea310f74
  branch: 3.1.0-stable
  specs:
    mongoid (3.1.5)
      activemodel (~> 3.2)
      moped (~> 1.4)
      origin (~> 1.0)
      tzinfo (~> 0.3.29)

GIT
  remote: http://github.com/nchainani/delayed_job_mongoid.git
  revision: 721d5309c322d41a9daa9abaaa8b158ee8f3e6a9
  branch: replace_find_and_modify
  specs:
    delayed_job_mongoid (2.0.0)
      delayed_job (~> 3.0)
      mongoid (~> 3.0)

GEM
  remote: https://rubygems.org/
  specs:
    activemodel (3.2.14)
      activesupport (= 3.2.14)
      builder (~> 3.0.0)
    activesupport (3.2.14)
      i18n (~> 0.6, >= 0.6.4)
      multi_json (~> 1.0)
    addressable (2.3.5)
    awesome_print (1.2.0)
    backports (3.3.4)
    blankslate (2.1.2.4)
    bouncy-castle-java (1.5.0147)
    builder (3.0.4)
    celluloid (0.15.2)
      timers (~> 1.1.0)
    coderay (1.1.0)
    connection_pool (1.2.0)
    crack (0.4.1)
      safe_yaml (~> 0.9.0)
    delayed_job (3.0.5)
      activesupport (~> 3.0)
    descendants_tracker (0.0.1)
    diff-lcs (1.2.5)
    edn (1.0.0)
      parslet (~> 1.4.0)
    factory_girl (4.2.0)
      activesupport (>= 3.0.0)
    ffi (1.9.3)
    ffi (1.9.3-java)
    grape (0.6.0)
      activesupport
      builder
      hashie (>= 1.2.0)
      multi_json (>= 1.3.2)
      multi_xml (>= 0.5.2)
      rack (>= 1.3.0)
      rack-accept
      rack-mount
      virtus
    hashie (2.0.5)
    httparty (0.11.0)
      multi_json (~> 1.0)
      multi_xml (>= 0.5.2)
    i18n (0.6.9)
    jruby-jars (1.7.8)
    jruby-openssl (0.9.0)
      bouncy-castle-java (>= 1.5.0147)
    jruby-rack (1.1.13.2)
    json (1.8.1)
    json (1.8.1-java)
    kgio (2.8.1)
    kiqstand (1.1.0)
      mongoid (~> 3.1)
      moped (~> 1.4)
    mail (2.5.4)
      mime-types (~> 1.16)
      treetop (~> 1.4.8)
    method_source (0.8.2)
    mime-types (1.25)
    mongoid-indifferent-access (1.0.0)
      mongoid
    moped (1.5.1)
    multi_json (1.9.2)
    multi_xml (0.5.5)
    newrelic_rpm (3.6.7.152)
    origin (1.1.0)
    parslet (1.4.0)
      blankslate (~> 2.0)
    polyglot (0.3.3)
    pry (0.9.12.6)
      coderay (~> 1.0)
      method_source (~> 0.8)
      slop (~> 3.4)
    pry (0.9.12.6-java)
      coderay (~> 1.0)
      method_source (~> 0.8)
      slop (~> 3.4)
      spoon (~> 0.0)
    rack (1.5.2)
    rack-accept (0.4.5)
      rack (>= 0.4)
    rack-mount (0.8.3)
      rack (>= 1.0.0)
    rack-test (0.6.2)
      rack (>= 1.0)
    raindrops (0.12.0)
    rake (10.1.0)
    rdoc (3.12.2)
      json (~> 1.4)
    redis (3.0.7)
    redis-namespace (1.4.1)
      redis (~> 3.0.4)
    rspec (2.14.1)
      rspec-core (~> 2.14.0)
      rspec-expectations (~> 2.14.0)
      rspec-mocks (~> 2.14.0)
    rspec-core (2.14.7)
    rspec-expectations (2.14.4)
      diff-lcs (>= 1.1.3, < 2.0)
    rspec-mocks (2.14.4)
    rspec-sidekiq (1.0.0)
      rspec (>= 2.0.0)
      sidekiq (>= 2.4.0)
    rubyzip (1.0.0)
    safe_yaml (0.9.7)
    sidekiq (2.17.3)
      celluloid (>= 0.15.2)
      connection_pool (>= 1.0.0)
      json
      redis (>= 3.0.6)
      redis-namespace (>= 1.3.1)
    sidekiq-failures (0.3.0)
      sidekiq (>= 2.14.0)
    simplecov (0.7.1)
      multi_json (~> 1.0)
      simplecov-html (~> 0.7.1)
    simplecov-html (0.7.1)
    slop (3.5.0)
    spoon (0.0.4)
      ffi
    thor (0.18.1)
    timecop (0.6.3)
    timers (1.1.0)
    torquebox (3.0.0)
      thor (>= 0.14.6)
      torquebox-cache (= 3.0.0)
      torquebox-configure (= 3.0.0)
      torquebox-core (= 3.0.0)
      torquebox-messaging (= 3.0.0)
      torquebox-naming (= 3.0.0)
      torquebox-rake-support (= 3.0.0)
      torquebox-security (= 3.0.0)
      torquebox-stomp (= 3.0.0)
      torquebox-transactions (= 3.0.0)
      torquebox-web (= 3.0.0)
    torquebox-cache (3.0.0-java)
      torquebox-core (= 3.0.0)
      torquebox-transactions (= 3.0.0)
    torquebox-capistrano-support (3.0.0)
    torquebox-configure (3.0.0-java)
      blankslate (= 2.1.2.4)
    torquebox-console (0.3.0)
    torquebox-core (3.0.0-java)
      edn (= 1.0.0)
    torquebox-messaging (3.0.0-java)
      torquebox-core (= 3.0.0)
      torquebox-transactions (= 3.0.0)
    torquebox-naming (3.0.0-java)
      torquebox-core (= 3.0.0)
    torquebox-rake-support (3.0.0)
      rake (>= 0.8.7)
    torquebox-security (3.0.0-java)
      torquebox-core (= 3.0.0)
    torquebox-stomp (3.0.0)
      torquebox-core (= 3.0.0)
      torquebox-messaging (= 3.0.0)
    torquebox-transactions (3.0.0)
      torquebox-core (= 3.0.0)
    torquebox-web (3.0.0-java)
    torquespec (0.6.0)
      json
      rspec
    treetop (1.4.15)
      polyglot
      polyglot (>= 0.3.1)
    tzinfo (0.3.37)
    unicorn (4.8.0)
      kgio (~> 2.6)
      rack
      raindrops (~> 0.7)
    uuidtools (2.1.4)
    virtus (0.5.5)
      backports (~> 3.3)
      descendants_tracker (~> 0.0.1)
    warbler (1.3.8)
      jruby-jars (>= 1.5.6)
      jruby-rack (>= 1.0.0)
      rake (>= 0.9.6)
      rubyzip (>= 0.9.8)
    webmock (1.13.0)
      addressable (>= 2.2.7)
      crack (>= 0.3.2)
    zip (2.0.2)

PLATFORMS
  java
  ruby

DEPENDENCIES
  accounting_torquespec!
  application_transaction!
  awesome_print
  delayed_job_mongoid!
  external_service!
  factory_girl
  grape
  httparty
  jruby-openssl
  kiqstand
  mail
  mongoid!
  mongoid-indifferent-access
  mongoid-locker!
  newrelic_rpm
  pry
  rack-test
  rake
  rdoc (~> 3.4)
  rspec
  rspec-sidekiq
  service-discovery!
  sidekiq
  sidekiq-failures
  simplecov
  timecop
  torquebox (= 3.0.0)
  torquebox-capistrano-support
  torquebox-console
  torquebox-messaging (= 3.0.0)
  torquespec
  unicorn
  uuidtools
  warbler
  webmock
  zip
