GIT
  remote: git://github.com/mooremo/mongoid-locker.git
  revision: 50158725657c21d7f7acb4fb22e7f98a5c39b88d
  specs:
    mongoid-locker (0.2.1)
      mongoid (>= 2.4, < 3.2)

GEM
  remote: http://rubygems.org/
  specs:
    activemodel (3.2.12)
      activesupport (= 3.2.12)
      builder (~> 3.0.0)
    activesupport (3.2.12)
      i18n (~> 0.6)
      multi_json (~> 1.0)
    addressable (2.3.3)
    awesome_print (1.1.0)
    backports (2.6.7)
    builder (3.0.4)
    capistrano (2.14.2)
      highline
      net-scp (>= 1.0.0)
      net-sftp (>= 2.0.0)
      net-ssh (>= 2.0.14)
      net-ssh-gateway (>= 1.1.0)
    capistrano-campfire (0.2.0)
      capistrano
      tinder
    capistrano-ext (1.2.1)
      capistrano (>= 1.0.0)
    chronic (0.9.1)
    coderay (1.0.9)
    cookiejar (0.3.0)
    crack (0.3.2)
    delayed_job (3.0.5)
      activesupport (~> 3.0)
    delayed_job_mongoid (2.0.0)
      delayed_job (~> 3.0)
      mongoid (~> 3.0)
    descendants_tracker (0.0.1)
    diff-lcs (1.2.1)
    em-http-request (1.0.3)
      addressable (>= 2.2.3)
      cookiejar
      em-socksify
      eventmachine (>= 1.0.0.beta.4)
      http_parser.rb (>= 0.5.3)
    em-socksify (0.2.1)
      eventmachine (>= 1.0.0.beta.4)
    eventmachine (1.0.1)
    factory_girl (4.2.0)
      activesupport (>= 3.0.0)
    grape (0.3.2)
      activesupport
      builder
      hashie (>= 1.2.0)
      multi_json (>= 1.3.2)
      multi_xml (>= 0.5.2)
      rack
      rack-accept
      rack-mount
      virtus
    hashie (2.0.2)
    highline (1.6.15)
    http_parser.rb (0.5.3)
    httparty (0.10.2)
      multi_json (~> 1.0)
      multi_xml (>= 0.5.2)
    i18n (0.6.4)
    kgio (2.8.0)
    log4r (1.1.10)
    mail (2.5.3)
      i18n (>= 0.4.0)
      mime-types (~> 1.16)
      treetop (~> 1.4.8)
    method_source (0.8.1)
    mime-types (1.21)
    mongoid (3.1.2)
      activemodel (~> 3.2)
      moped (~> 1.4.2)
      origin (~> 1.0)
      tzinfo (~> 0.3.22)
    mongoid-indifferent-access (1.0.0)
      mongoid
    mongoid_auto_increment (0.1.0)
      mongoid
      mongoid_auto_increment
    moped (1.4.3)
    multi_json (1.6.1)
    multi_xml (0.5.3)
    net-scp (1.1.0)
      net-ssh (>= 2.6.5)
    net-sftp (2.1.1)
      net-ssh (>= 2.6.5)
    net-ssh (2.6.6)
    net-ssh-gateway (1.2.0)
      net-ssh (>= 2.6.5)
    origin (1.0.11)
    polyglot (0.3.3)
    pry (0.9.12)
      coderay (~> 1.0.5)
      method_source (~> 0.8)
      slop (~> 3.4)
    rack (1.5.2)
    rack-accept (0.4.5)
      rack (>= 0.4)
    rack-mount (0.8.3)
      rack (>= 1.0.0)
    rack-test (0.6.2)
      rack (>= 1.0)
    raindrops (0.10.0)
    rake (10.0.3)
    rdoc (4.0.0)
    rspec (2.13.0)
      rspec-core (~> 2.13.0)
      rspec-expectations (~> 2.13.0)
      rspec-mocks (~> 2.13.0)
    rspec-core (2.13.0)
    rspec-expectations (2.13.0)
      diff-lcs (>= 1.1.3, < 2.0)
    rspec-mocks (2.13.0)
    simple_oauth (0.1.9)
    simplecov (0.7.1)
      multi_json (~> 1.0)
      simplecov-html (~> 0.7.1)
    simplecov-html (0.7.1)
    slop (3.4.3)
    timecop (0.5.9.2)
    tinder (1.4.1)
      activesupport
      eventmachine
      httparty
      mime-types
      twitter-stream
    treetop (1.4.12)
      polyglot
      polyglot (>= 0.3.1)
    twitter-stream (0.1.16)
      eventmachine (>= 0.12.8)
      http_parser.rb (~> 0.5.1)
      simple_oauth (~> 0.1.4)
    tzinfo (0.3.36)
    unicorn (4.6.2)
      kgio (~> 2.6)
      rack
      raindrops (~> 0.7)
    uuidtools (2.1.3)
    virtus (0.5.4)
      backports (~> 2.6.1)
      descendants_tracker (~> 0.0.1)
    webmock (1.11.0)
      addressable (>= 2.2.7)
      crack (>= 0.3.2)
    whenever (0.8.2)
      activesupport (>= 2.3.4)
      chronic (>= 0.6.3)

PLATFORMS
  ruby

DEPENDENCIES
  awesome_print
  capistrano
  capistrano-campfire
  capistrano-ext
  delayed_job_mongoid
  em-http-request
  factory_girl
  grape
  httparty
  log4r
  mail
  mongoid
  mongoid-indifferent-access
  mongoid-locker!
  mongoid_auto_increment
  pry
  rack-test
  rake
  rdoc
  rspec
  simplecov
  timecop
  unicorn
  uuidtools
  webmock
  whenever
