GEM
  remote: https://rubygems.org/
  specs:
    activemodel (4.1.10)
      activesupport (= 4.1.10)
      builder (~> 3.1)
    activerecord (4.1.10)
      activemodel (= 4.1.10)
      activesupport (= 4.1.10)
      arel (~> 5.0.0)
    activerecord-jdbc-adapter (1.3.15)
      activerecord (>= 2.2)
    activerecord-jdbcpostgresql-adapter (1.3.15)
      activerecord-jdbc-adapter (~> 1.3.15)
      jdbc-postgres (>= 9.1)
    activerecord-postgresql-adapter (0.0.1)
      pg
    activesupport (4.1.10)
      i18n (~> 0.6, >= 0.6.9)
      json (~> 1.7, >= 1.7.7)
      minitest (~> 5.1)
      thread_safe (~> 0.1)
      tzinfo (~> 1.1)
    addressable (2.3.8)
    arel (5.0.1.20140414130214)
    awesome_print (1.2.0)
    axiom-types (0.1.1)
      descendants_tracker (~> 0.0.4)
      ice_nine (~> 0.11.0)
      thread_safe (~> 0.3, >= 0.3.1)
    blankslate (2.1.2.4)
    bouncy-castle-java (1.5.0147)
    builder (3.2.2)
    celluloid (0.16.0)
      timers (~> 4.0.0)
    coderay (1.1.0)
    coercible (1.0.0)
      descendants_tracker (~> 0.0.1)
    connection_pool (2.2.0)
    crack (0.4.2)
      safe_yaml (~> 1.0.0)
    database_cleaner (1.4.0)
    descendants_tracker (0.0.4)
      thread_safe (~> 0.3, >= 0.3.1)
    diff-lcs (1.2.5)
    edn (1.0.0)
      parslet (~> 1.4.0)
    enumerize (0.9.0)
      activesupport (>= 3.2)
    equalizer (0.0.11)
    factory_girl (4.2.0)
      activesupport (>= 3.0.0)
    ffi (1.9.3-java)
    foreigner (1.7.1)
      activerecord (>= 3.0.0)
    grape (0.11.0)
      activesupport
      builder
      hashie (>= 2.1.0)
      multi_json (>= 1.3.2)
      multi_xml (>= 0.5.2)
      rack (>= 1.3.0)
      rack-accept
      rack-mount
      virtus (>= 1.0.0)
    hashie (3.4.2)
    hitimes (1.2.2)
    hitimes (1.2.2-java)
    httparty (0.11.0)
      multi_json (~> 1.0)
      multi_xml (>= 0.5.2)
    i18n (0.7.0)
    ice_nine (0.11.1)
    jdbc-postgres (9.4.1200)
    jruby-jars (1.7.8)
    jruby-openssl (0.9.0)
      bouncy-castle-java (>= 1.5.0147)
    jruby-rack (1.1.13.2)
    json (1.8.3)
    json (1.8.3-java)
    kgio (2.8.1)
    mail (2.5.4)
      mime-types (~> 1.16)
      treetop (~> 1.4.8)
    method_source (0.8.2)
    mime-types (1.25)
    minitest (5.7.0)
    multi_json (1.11.1)
    multi_xml (0.5.5)
    parslet (1.4.0)
      blankslate (~> 2.0)
    pg (0.18.1)
    polyglot (0.3.3)
    pry (0.9.12.6)
      coderay (~> 1.0)
      method_source (~> 0.8)
      slop (~> 3.4)
    pry (0.9.12.6-java)
      coderay (~> 1.0)
      method_source (~> 0.8)
      slop (~> 3.4)
      spoon (~> 0.0)
    rack (1.6.1)
    rack-accept (0.4.5)
      rack (>= 0.4)
    rack-mount (0.8.3)
      rack (>= 1.0.0)
    rack-test (0.6.2)
      rack (>= 1.0)
    raindrops (0.12.0)
    rake (10.1.0)
    redis (3.2.1)
    redis-namespace (1.5.2)
      redis (~> 3.0, >= 3.0.4)
    rspec (3.2.0)
      rspec-core (~> 3.2.0)
      rspec-expectations (~> 3.2.0)
      rspec-mocks (~> 3.2.0)
    rspec-core (3.2.3)
      rspec-support (~> 3.2.0)
    rspec-expectations (3.2.1)
      diff-lcs (>= 1.2.0, < 2.0)
      rspec-support (~> 3.2.0)
    rspec-mocks (3.2.1)
      diff-lcs (>= 1.2.0, < 2.0)
      rspec-support (~> 3.2.0)
    rspec-sidekiq (1.0.0)
      rspec (>= 2.0.0)
      sidekiq (>= 2.4.0)
    rspec-support (3.2.2)
    rubyzip (1.0.0)
    safe_yaml (1.0.4)
    sidekiq (3.1.4)
      celluloid (>= 0.15.2)
      connection_pool (>= 2.0.0)
      json
      redis (>= 3.0.6)
      redis-namespace (>= 1.3.1)
    sidekiq-failures (0.4.3)
      sidekiq (>= 2.16.0)
    slop (3.5.0)
    spoon (0.0.4)
      ffi
    thor (0.18.1)
    thread_safe (0.3.5)
    thread_safe (0.3.5-java)
    timecop (0.6.3)
    timers (4.0.1)
      hitimes
    torquebox (3.0.0)
      thor (>= 0.14.6)
      torquebox-cache (= 3.0.0)
      torquebox-configure (= 3.0.0)
      torquebox-core (= 3.0.0)
      torquebox-messaging (= 3.0.0)
      torquebox-naming (= 3.0.0)
      torquebox-rake-support (= 3.0.0)
      torquebox-security (= 3.0.0)
      torquebox-stomp (= 3.0.0)
      torquebox-transactions (= 3.0.0)
      torquebox-web (= 3.0.0)
    torquebox-cache (3.0.0-java)
      torquebox-core (= 3.0.0)
      torquebox-transactions (= 3.0.0)
    torquebox-capistrano-support (3.0.0)
    torquebox-configure (3.0.0-java)
      blankslate (= 2.1.2.4)
    torquebox-core (3.0.0-java)
      edn (= 1.0.0)
    torquebox-messaging (3.0.0-java)
      torquebox-core (= 3.0.0)
      torquebox-transactions (= 3.0.0)
    torquebox-naming (3.0.0-java)
      torquebox-core (= 3.0.0)
    torquebox-rake-support (3.0.0)
      rake (>= 0.8.7)
    torquebox-security (3.0.0-java)
      torquebox-core (= 3.0.0)
    torquebox-server (3.0.0-java)
      torquebox (= 3.0.0)
    torquebox-stomp (3.0.0)
      torquebox-core (= 3.0.0)
      torquebox-messaging (= 3.0.0)
    torquebox-transactions (3.0.0)
      torquebox-core (= 3.0.0)
    torquebox-web (3.0.0-java)
    treetop (1.4.15)
      polyglot
      polyglot (>= 0.3.1)
    tzinfo (1.2.2)
      thread_safe (~> 0.1)
    unicorn (4.8.0)
      kgio (~> 2.6)
      rack
      raindrops (~> 0.7)
    virtus (1.0.5)
      axiom-types (~> 0.1)
      coercible (~> 1.0)
      descendants_tracker (~> 0.0, >= 0.0.3)
      equalizer (~> 0.0, >= 0.0.9)
    warbler (1.3.8)
      jruby-jars (>= 1.5.6)
      jruby-rack (>= 1.0.0)
      rake (>= 0.9.6)
      rubyzip (>= 0.9.8)
    webmock (1.21.0)
      addressable (>= 2.3.6)
      crack (>= 0.3.2)
    zip (2.0.2)

PLATFORMS
  java
  ruby

DEPENDENCIES
  activerecord (~> 4.1.0)
  activerecord-jdbcpostgresql-adapter
  activerecord-postgresql-adapter
  awesome_print
  database_cleaner
  enumerize
  factory_girl
  foreigner
  grape (~> 0.11.0)
  httparty
  jdbc-postgres
  jruby-openssl
  mail
  pry
  rack-test
  rake
  rspec (~> 3.2.0)
  rspec-sidekiq
  sidekiq (~> 3.1.0)
  sidekiq-failures (~> 0.4.0)
  timecop
  torquebox (= 3.0.0)
  torquebox-capistrano-support
  torquebox-messaging (= 3.0.0)
  torquebox-server
  unicorn
  warbler
  webmock
  zip
