GEM
  remote: http://rubygems.org/
  specs:
    activemodel (3.2.5)
      activesupport (= 3.2.5)
      builder (~> 3.0.0)
    activesupport (3.2.5)
      i18n (~> 0.6)
      multi_json (~> 1.0)
    addressable (2.3.2)
    async-rack (0.5.1)
      rack (~> 1.1)
    awesome_print (1.1.0)
    backports (2.6.5)
    builder (3.0.4)
    delayed_job (3.0.3)
      activesupport (~> 3.0)
    delayed_job_mongoid (2.0.0)
      delayed_job (~> 3.0)
      mongoid (~> 3.0)
    descendants_tracker (0.0.1)
    em-synchrony (1.0.2)
      eventmachine (>= 1.0.0.beta.1)
    em-websocket (0.3.8)
      addressable (>= 2.1.1)
      eventmachine (>= 0.12.9)
    eventmachine (1.0.0)
    goliath (1.0.1)
      async-rack
      em-synchrony (>= 1.0.0)
      em-websocket
      eventmachine (>= 1.0.0.beta.4)
      http_parser.rb (= 0.5.3)
      log4r
      multi_json
      rack (>= 1.2.2)
      rack-contrib
      rack-respond_to
    grape (0.2.4)
      activesupport
      builder
      hashie (~> 1.2)
      multi_json (>= 1.3.2)
      multi_xml
      rack
      rack-accept
      rack-mount
      virtus
    hashie (1.2.0)
    http_parser.rb (0.5.3)
    i18n (0.6.1)
    log4r (1.1.10)
    mongoid (3.0.16)
      activemodel (~> 3.1)
      moped (~> 1.1)
      origin (~> 1.0)
      tzinfo (~> 0.3.22)
    mongoid-indifferent-access (1.0.0)
      mongoid
    mongoid-locker (0.2.1)
      mongoid (>= 2.4, <= 3.1)
    moped (1.3.2)
    multi_json (1.5.0)
    multi_xml (0.5.1)
    origin (1.0.11)
    rack (1.4.3)
    rack-accept (0.4.5)
      rack (>= 0.4)
    rack-accept-media-types (0.9)
    rack-contrib (1.1.0)
      rack (>= 0.9.1)
    rack-mount (0.8.3)
      rack (>= 1.0.0)
    rack-respond_to (0.9.8)
      rack-accept-media-types (>= 0.6)
    rubytree (0.8.2)
    tzinfo (0.3.33)
    virtus (0.5.4)
      backports (~> 2.6.1)
      descendants_tracker (~> 0.0.1)

PLATFORMS
  ruby

DEPENDENCIES
  awesome_print
  delayed_job_mongoid
  goliath
  grape
  mongoid
  mongoid-indifferent-access
  mongoid-locker
  rubytree
